GEM
  remote: http://rubygems.org/
  specs:
    albino (1.3.3)
      posix-spawn (>= 0.3.6)
    backports (2.3.0)
    blankslate (2.1.2.4)
    configuration (1.3.1)
    daemons (1.1.4)
    eventmachine (0.12.10)
    ffi (1.0.9)
    haml (3.1.2)
    launchy (0.4.0)
      configuration (>= 0.0.5)
      rake (>= 0.8.1)
    monkey-lib (0.5.4)
      backports
    nokogiri (1.4.6)
    posix-spawn (0.3.6)
    pygments.rb (0.1.2)
      rubypython (>= 0.5.1)
    rack (1.3.0)
    rake (0.9.2)
    redcarpet (1.17.1)
    rubypython (0.5.1)
      blankslate (>= 2.1.2.3)
      ffi (~> 1.0.7)
    sass (3.1.3)
    sinatra (1.2.6)
      rack (~> 1.1)
      tilt (>= 1.2.2, < 2.0)
    sinatra-advanced-routes (0.5.1)
      monkey-lib (~> 0.5.0)
      sinatra (~> 1.0)
      sinatra-sugar (~> 0.5.0)
    sinatra-reloader (0.5.0)
      sinatra (~> 1.0)
      sinatra-advanced-routes (~> 0.5.0)
    sinatra-sugar (0.5.1)
      monkey-lib (~> 0.5.0)
      sinatra (~> 1.0)
    thin (1.2.11)
      daemons (>= 1.0.9)
      eventmachine (>= 0.12.6)
      rack (>= 1.0.0)
    tilt (1.3.2)

PLATFORMS
  ruby

DEPENDENCIES
  albino
  ffi (= 1.0.9)
  haml
  launchy
  nokogiri
  pygments.rb
  rack
  redcarpet
  sass
  sinatra
  sinatra-reloader
  thin
  tilt
