GIT
  remote: https://github.com/rtomayko/tilt.git
  revision: b67d93ba96658376c9ebe93ca5255f4250bf48f3
  specs:
    tilt (1.3.3)

GEM
  remote: http://rubygems.org/
  specs:
    addressable (2.2.6)
    albino (1.3.3)
      posix-spawn (>= 0.3.6)
    backports (2.3.0)
    blankslate (2.1.2.4)
    daemons (1.1.4)
    eventmachine (0.12.10)
    ffi (1.0.9)
    haml (3.1.3)
    launchy (2.0.5)
      addressable (~> 2.2.6)
    monkey-lib (0.5.4)
      backports
    nokogiri (1.5.0)
    posix-spawn (0.3.6)
    pygments.rb (0.2.1)
      rubypython (>= 0.5.1)
    rack (1.3.2)
    redcarpet (1.17.2)
    rubypython (0.5.1)
      blankslate (>= 2.1.2.3)
      ffi (~> 1.0.7)
    sass (3.1.7)
    sinatra (1.2.6)
      rack (~> 1.1)
      tilt (< 2.0, >= 1.2.2)
    sinatra-advanced-routes (0.5.1)
      monkey-lib (~> 0.5.0)
      sinatra (~> 1.0)
      sinatra-sugar (~> 0.5.0)
    sinatra-reloader (0.5.0)
      sinatra (~> 1.0)
      sinatra-advanced-routes (~> 0.5.0)
    sinatra-sugar (0.5.1)
      monkey-lib (~> 0.5.0)
      sinatra (~> 1.0)
    thin (1.2.11)
      daemons (>= 1.0.9)
      eventmachine (>= 0.12.6)
      rack (>= 1.0.0)

PLATFORMS
  ruby

DEPENDENCIES
  albino
  ffi (= 1.0.9)
  haml
  launchy
  nokogiri
  pygments.rb
  rack
  redcarpet
  sass
  sinatra
  sinatra-reloader
  thin
  tilt!
