GEM
  remote: http://rubygems.org/
  specs:
    albino (1.3.3)
      posix-spawn (>= 0.3.6)
    haml (3.1.2)
    nokogiri (1.4.6)
    posix-spawn (0.3.6)
    rack (1.3.0)
    redcarpet (1.17.1)
    sass (3.1.3)
    sinatra (1.2.6)
      rack (~> 1.1)
      tilt (>= 1.2.2, < 2.0)
    tilt (1.3.2)

PLATFORMS
  ruby

DEPENDENCIES
  albino
  haml
  nokogiri
  rack
  redcarpet
  sass
  sinatra
  tilt
